PATH
  remote: .
  specs:
    time_picker_field_presenter_plugin (0.0.1)

GEM
  remote: https://rubygems.org/
  specs:
    rake (13.1.0)

PLATFORMS
  arm64-darwin-23

DEPENDENCIES
  bundler (~> 2.0)
  rake (>= 12.3.3)
  time_picker_field_presenter_plugin!

BUNDLED WITH
   2.3.17
